GIT
  remote: git://github.com/digitalplaywright/carrierwave-mongoid.git
  revision: 4a000f4c2463bfb20972bbdc85e15175120bbb3e
  branch: mongoid-3.0
  specs:
    carrierwave-mongoid (0.2.1)
      carrierwave (~> 0.6.1)
      mongoid (~> 3.0.0.rc)

GIT
  remote: git://github.com/guard/guard.git
  revision: fa4f2bd4f7abbeaca9feac794bceb39f29c67184
  branch: coolline
  specs:
    guard (1.1.1)
      listen (>= 0.4.2)
      thor (>= 0.14.6)

GEM
  remote: https://rubygems.org/
  specs:
    actionmailer (3.2.5)
      actionpack (= 3.2.5)
      mail (~> 2.4.4)
    actionpack (3.2.5)
      activemodel (= 3.2.5)
      activesupport (= 3.2.5)
      builder (~> 3.0.0)
      erubis (~> 2.7.0)
      journey (~> 1.0.1)
      rack (~> 1.4.0)
      rack-cache (~> 1.2)
      rack-test (~> 0.6.1)
      sprockets (~> 2.1.3)
    activeadmin (0.4.4)
      bourbon (>= 1.0.0)
      devise (>= 1.1.2)
      fastercsv
      formtastic (~> 2.1.1)
      inherited_resources (>= 1.3.1)
      jquery-rails (>= 1.0.0)
      kaminari (>= 0.13.0)
      meta_search (>= 0.9.2)
      rails (>= 3.0.0)
      sass (>= 3.1.0)
    activemodel (3.2.5)
      activesupport (= 3.2.5)
      builder (~> 3.0.0)
    activerecord (3.2.5)
      activemodel (= 3.2.5)
      activesupport (= 3.2.5)
      arel (~> 3.0.2)
      tzinfo (~> 0.3.29)
    activeresource (3.2.5)
      activemodel (= 3.2.5)
      activesupport (= 3.2.5)
    activesupport (3.2.5)
      i18n (~> 0.6)
      multi_json (~> 1.0)
    acts-as-taggable-on (2.2.2)
      rails (~> 3.0)
    addressable (2.2.8)
    arel (3.0.2)
    bcrypt-ruby (3.0.1)
    bourbon (2.1.0)
      sass (>= 3.1)
    brakeman (1.6.1)
      activesupport
      erubis (~> 2.6)
      fastercsv (~> 1.5)
      haml (~> 3.0)
      highline (~> 1.6)
      i18n
      json_pure
      ruby2ruby (~> 1.2)
      ruby_parser (= 2.3.1)
      sass (~> 3.0)
      terminal-table (~> 1.4)
    builder (3.0.0)
    capybara (1.1.2)
      mime-types (>= 1.16)
      nokogiri (>= 1.3.3)
      rack (>= 1.0.0)
      rack-test (>= 0.5.4)
      selenium-webdriver (~> 2.0)
      xpath (~> 0.1.4)
    capybara-email (0.1.2)
    capybara-webkit (0.12.1)
      capybara (>= 1.0.0, < 1.2)
      json
    carrierwave (0.6.2)
      activemodel (>= 3.2.0)
      activesupport (>= 3.2.0)
    celluloid (0.11.0)
    childprocess (0.3.2)
      ffi (~> 1.0.6)
    coderay (1.0.6)
    coffee-rails (3.2.2)
      coffee-script (>= 2.2.0)
      railties (~> 3.2.0)
    coffee-script (2.2.0)
      coffee-script-source
      execjs
    coffee-script-source (1.3.3)
    columnize (0.3.6)
    connection_pool (0.9.1)
    coolline (0.2.0)
    crack (0.3.1)
    daemons (1.1.8)
    database_cleaner (0.8.0)
    debugger (1.1.4)
      columnize (>= 0.3.1)
      debugger-linecache (~> 1.1.1)
      debugger-ruby_core_source (~> 1.1.3)
    debugger-linecache (1.1.1)
      debugger-ruby_core_source (>= 1.1.1)
    debugger-ruby_core_source (1.1.3)
    devise (2.0.4)
      bcrypt-ruby (~> 3.0)
      orm_adapter (~> 0.0.3)
      railties (~> 3.1)
      warden (~> 1.1.1)
    diff-lcs (1.1.3)
    em-websocket (0.3.6)
      addressable (>= 2.1.1)
      eventmachine (>= 0.12.9)
    erubis (2.7.0)
    eventmachine (0.12.10)
    excon (0.13.4)
    execjs (1.4.0)
      multi_json (~> 1.0)
    factory_girl (3.4.0)
      activesupport (>= 3.0.0)
    factory_girl_rails (3.4.0)
      factory_girl (~> 3.4.0)
      railties (>= 3.0.0)
    fastercsv (1.5.5)
    ffi (1.0.11)
    fog (1.3.1)
      builder
      excon (~> 0.13.0)
      formatador (~> 0.2.0)
      mime-types
      multi_json (~> 1.0)
      net-scp (~> 1.0.4)
      net-ssh (>= 2.1.3)
      nokogiri (~> 1.5.0)
      ruby-hmac
    foreman (0.47.0)
      thor (>= 0.13.6)
    formatador (0.2.3)
    formtastic (2.1.1)
      actionpack (~> 3.0)
    growl (1.0.3)
    guard-jasmine (1.5.0)
      childprocess
      guard (>= 1.1.0)
      multi_json
      thor
    guard-livereload (1.0.0)
      em-websocket (>= 0.2.0)
      guard (>= 1.1.0)
      multi_json (~> 1.0)
    guard-pow (1.0.0)
      guard (>= 1.1)
    guard-rspec (1.0.0)
      guard (>= 1.1)
    haml (3.1.6)
    has_scope (0.5.1)
    heroku (2.26.3)
      heroku-api (~> 0.2.1)
      launchy (>= 0.3.2)
      netrc (~> 0.7.2)
      rest-client (~> 1.6.1)
      rubyzip
    heroku-api (0.2.1)
      excon (~> 0.13.3)
    highline (1.6.12)
    hike (1.2.1)
    i18n (0.6.0)
    inherited_resources (1.3.1)
      has_scope (~> 0.5.0)
      responders (~> 0.6)
    jasminerice (0.0.8)
      haml
    journey (1.0.3)
    jquery-rails (2.0.2)
      railties (>= 3.2.0, < 5.0)
      thor (~> 0.14)
    json (1.7.3)
    json_pure (1.7.3)
    kaminari (0.13.0)
      actionpack (>= 3.0.0)
      activesupport (>= 3.0.0)
      railties (>= 3.0.0)
    launchy (2.1.0)
      addressable (~> 2.2.6)
    libwebsocket (0.1.3)
      addressable
    listen (0.4.4)
      rb-fchange (~> 0.0.5)
      rb-fsevent (~> 0.9.1)
      rb-inotify (~> 0.8.8)
    mail (2.4.4)
      i18n (>= 0.4.0)
      mime-types (~> 1.16)
      treetop (~> 1.4.8)
    meta_search (1.1.3)
      actionpack (~> 3.1)
      activerecord (~> 3.1)
      activesupport (~> 3.1)
      polyamorous (~> 0.5.0)
    method_source (0.7.1)
    mime-types (1.18)
    mini_magick (3.4)
      subexec (~> 0.2.1)
    mongoid (3.0.0.rc)
      activemodel (~> 3.1)
      moped (~> 1.0.0.rc)
      origin (~> 1.0.0.rc)
      tzinfo (~> 0.3.22)
    moped (1.0.0.rc)
    multi_json (1.3.6)
    net-scp (1.0.4)
      net-ssh (>= 1.99.1)
    net-ssh (2.5.2)
    netrc (0.7.4)
    nokogiri (1.5.3)
    origin (1.0.0)
    orm_adapter (0.0.7)
    pg (0.13.2)
    phantomjs-mac (0.0.3)
    phantomjs.rb (0.0.4)
      phantomjs-mac
    polyamorous (0.5.0)
      activerecord (~> 3.0)
    polyglot (0.3.3)
    powder (0.1.8)
      thor (>= 0.11.5)
    pry (0.9.9.6)
      coderay (~> 1.0.5)
      method_source (~> 0.7.1)
      slop (>= 2.4.4, < 3)
    pry-rails (0.1.6)
      pry
    quiet_assets (1.0.1)
      railties (~> 3.1)
    rack (1.4.1)
    rack-cache (1.2)
      rack (>= 0.4)
    rack-livereload (0.3.6)
      rack
    rack-protection (1.2.0)
      rack
    rack-ssl (1.3.2)
      rack
    rack-test (0.6.1)
      rack (>= 1.0)
    rails (3.2.5)
      actionmailer (= 3.2.5)
      actionpack (= 3.2.5)
      activerecord (= 3.2.5)
      activeresource (= 3.2.5)
      activesupport (= 3.2.5)
      bundler (~> 1.0)
      railties (= 3.2.5)
    railties (3.2.5)
      actionpack (= 3.2.5)
      activesupport (= 3.2.5)
      rack-ssl (~> 1.3.2)
      rake (>= 0.8.7)
      rdoc (~> 3.4)
      thor (>= 0.14.6, < 2.0)
    rake (0.9.2.2)
    rb-fchange (0.0.5)
      ffi
    rb-fsevent (0.9.1)
    rb-inotify (0.8.8)
      ffi (>= 0.5.0)
    rdoc (3.12)
      json (~> 1.4)
    redis (3.0.1)
    redis-namespace (1.2.0)
      redis (~> 3.0.0)
    responders (0.9.1)
      railties (~> 3.1)
    rest-client (1.6.7)
      mime-types (>= 1.16)
    rspec (2.10.0)
      rspec-core (~> 2.10.0)
      rspec-expectations (~> 2.10.0)
      rspec-mocks (~> 2.10.0)
    rspec-core (2.10.1)
    rspec-expectations (2.10.0)
      diff-lcs (~> 1.1.3)
    rspec-mocks (2.10.1)
    rspec-rails (2.10.1)
      actionpack (>= 3.0)
      activesupport (>= 3.0)
      railties (>= 3.0)
      rspec (~> 2.10.0)
    ruby-hmac (0.4.0)
    ruby2ruby (1.3.1)
      ruby_parser (~> 2.0)
      sexp_processor (~> 3.0)
    ruby_parser (2.3.1)
      sexp_processor (~> 3.0)
    rubyzip (0.9.8)
    sass (3.1.19)
    sass-rails (3.2.5)
      railties (~> 3.2.0)
      sass (>= 3.1.10)
      tilt (~> 1.3)
    selenium-webdriver (2.22.2)
      childprocess (>= 0.2.5)
      ffi (~> 1.0)
      libwebsocket (~> 0.1.3)
      multi_json (~> 1.0)
      rubyzip
    sexp_processor (3.2.0)
    sextant (0.1.3)
      activesupport (>= 3.2)
      rails (>= 3.2)
    shoulda-matchers (1.1.0)
      activesupport (>= 3.0.0)
    show_me_the_cookies (1.1.1)
      capybara (~> 1.0)
    sidekiq (2.0.1)
      celluloid (~> 0.11.0)
      connection_pool (~> 0.9.0)
      multi_json (~> 1)
      redis (~> 3)
      redis-namespace
    silent-postgres (0.1.1)
    sinatra (1.3.2)
      rack (~> 1.3, >= 1.3.6)
      rack-protection (~> 1.2)
      tilt (~> 1.3, >= 1.3.3)
    slim (1.2.1)
      temple (~> 0.4.0)
      tilt (~> 1.3.3)
    slop (2.4.4)
    sprockets (2.1.3)
      hike (~> 1.2)
      rack (~> 1.0)
      tilt (~> 1.1, != 1.3.0)
    squeel (1.0.5)
      activerecord (~> 3.0)
      activesupport (~> 3.0)
      polyamorous (~> 0.5.0)
    subexec (0.2.2)
    temple (0.4.0)
    terminal-table (1.4.5)
    thin (1.3.1)
      daemons (>= 1.0.9)
      eventmachine (>= 0.12.6)
      rack (>= 1.0.0)
    thor (0.15.2)
    tilt (1.3.3)
    treetop (1.4.10)
      polyglot
      polyglot (>= 0.3.1)
    typhoeus (0.2.4)
      mime-types
      mime-types
    tzinfo (0.3.33)
    uglifier (1.2.4)
      execjs (>= 0.3.0)
      multi_json (>= 1.0.2)
    vcr (1.10.3)
    warden (1.1.1)
      rack (>= 1.0)
    webmock (1.6.4)
      addressable (~> 2.2, > 2.2.5)
      crack (>= 0.1.7)
    wirble (0.1.3)
    xpath (0.1.4)
      nokogiri (~> 1.3)

PLATFORMS
  ruby

DEPENDENCIES
  activeadmin (~> 0.4.4)
  acts-as-taggable-on (~> 2.2.2)
  brakeman
  bundler (~> 1.2.0.pre.1)
  capybara
  capybara-email
  capybara-webkit
  carrierwave (~> 0.6.2)
  carrierwave-mongoid!
  coffee-rails (~> 3.2.1)
  coolline
  database_cleaner
  debugger
  devise (~> 2.0.1)
  factory_girl
  factory_girl_rails
  fog (~> 1.3.1)
  foreman
  growl
  guard!
  guard-jasmine
  guard-livereload
  guard-pow
  guard-rspec
  heroku
  jasminerice
  jquery-rails
  mini_magick (~> 3.4.0)
  mongoid (~> 3.0.0.rc)
  pg (~> 0.13.0)
  phantomjs.rb (>= 0.0.4)
  powder
  pry-rails
  quiet_assets
  rack-livereload
  rails (= 3.2.5)
  rspec-core
  rspec-rails
  sass-rails (~> 3.2.3)
  sextant
  shoulda-matchers
  show_me_the_cookies
  sidekiq (~> 2.0.1)
  silent-postgres
  sinatra
  slim
  squeel (~> 1.0.0)
  thin
  typhoeus (~> 0.2)
  uglifier (>= 1.0.3)
  vcr (~> 1.10)
  webmock (~> 1.6)
  wirble
